GEM
  remote: https://rubygems.org/
  specs:
    gosu (0.12.1)

PLATFORMS
  ruby

DEPENDENCIES
  bundler!
  gosu!

BUNDLED WITH
   1.15.3
