GEM
  remote: https://rubygems.org/
  specs:
    gosu (0.14.4)

PLATFORMS
  ruby

DEPENDENCIES
  bundler!
  gosu!

BUNDLED WITH
   1.17.2
